##TITLE=  XMASS Parameter file
##JCAMPDX=  5.0
##DATATYPE=  CONTINUOUS MASS SPECTRUM
##ORIGIN=  XMASS, Bruker-Daltonics (USA) and Bruker-Daltonik (GER)
##OWNER=  TOF User
##SPECTROMETER/DATASYSTEM=  Bruker Flex Series
##.SPECTROMETER TYPE=  TOF
##.INLET=  DIRECT
##.IONIZATION MODE=  LD+
##$ACQMID= 0 
##$ACQVSMA= 3 
##$ACQVSMI= 0 
##$ADC= 1 
##$ANT= no 
##$AOfs= 1.4 
##$AQOP_m= 0 
##$AQ_mod= 1 
##$ATTEN= 25 
##$AccE= 20000 
##$AccE_is= 0 
##$AppTyp= 0 
##$BYTORDA= 0 
##$CIDOn= no 
##$CTOF= 0 
##$Calmet= 1 
##$CapEnt= -4000 
##$CapExit= 0 
##$CapHtr= 0 
##$Corona= 0 
##$Cycle= 100 
##$Cyl= 0 
##$DATE= 0 
##$DCOff1= 0 
##$DComp= no 
##$DE= 625 
##$DELAY= 29793 
##$DIGTYP= 16 
##$DPCAL1= 0 
##$DR_end= 6 
##$DR_set= 12 
##$DR_strt= 12 
##$DS= 0 
##$DTATYPE= 0 
##$DW= 1.6 
##$DataTyp= 0 
##$DefDly= 0 
##$DeflOff= 30 
##$DigDep= 8 
##$DigTrig= 100 
##$DryFlow= 0 
##$DrySW= 0 
##$DryTemp= 150 
##$EOSTime= 0.92799997 
##$EndP= -3500 
##$Enhance= no 
##$EsiMode= 0 
##$Extract= 0 
##$FASTON= no 
##$FOV= 20 
##$FPCAL1= 1 
##$FPCAL2= 0 
##$FPCAL3= 0 
##$FPMASS= 2466.7 
##$FPON= no 
##$FPSHIFT= 0 
##$FW= 2500 
##$Flatlin= no 
##$FpWinHi= 0 
##$FpWinLo= 0 
##$GDEDLY= 0 
##$GDEON= yes 
##$GDETime= 0 
##$GSpotId= 0 
##$GSpotno= 0 
##$GatStr= 0 
##$Gate= 100 
##$HITURBO= no 
##$HPCML3= 0 
##$HPClBHi= 0 
##$HPClBLo= 0 
##$HPClOrd= 0 
##$HPClUse= no 
##$Hpcgc0= 0 
##$Hpcgc2= 0 
##$IS2BNDV= 0 
##$ISD= no 
##$InstTyp= 0 
##$IsCalib= no 
##$LASP= 1 
##$LBNDVAL= 0 
##$LINDIS= 0 
##$LLNSBND= no 
##$LasFoc= 37 
##$LftHV1= 0 
##$LftHV2= 0 
##$Lift1= 0 
##$Lift2= 0 
##$MC2= 4 
##$ML1= 2233954.05195538 
##$ML1_raw= 2233954.05195538 
##$ML2= 1372.97686374265 
##$ML2_raw= 1372.97686374265 
##$ML3= -0.099339305113793 
##$ML3_raw= -0.099339305113793 
##$MSupMz= 1500 
##$MW_low= 15 
##$MapMode= 0 
##$Masserr= 52.276695 
##$MatSup= 1 
##$NBL= 1 
##$NC= 0 
##$NS= 16 
##$NSdigit= 1 
##$NebFlow= 0 
##$NebSW= 0 
##$NebTemp= 30 
##$NoSHOTS= 1200 
##$OFFSET= 1000 
##$PAPS= 0 
##$PIEDLY= 220 
##$POLARI= 1 
##$PR= 1 
##$PULSER= 10 
##$PULSREP= 10000 
##$Parent= 1000 
##$RBNDVAL= 0 
##$REPHZ= 1000 
##$RFAmp= 600 
##$RFFreq= 5 
##$RG= 1 
##$RLNSBND= no 
##$RTSmoo= 3 
##$Realign= 0 
##$Ref2= 0 
##$RefFull= 0 
##$ReflE= 0 
##$Repel= 20 
##$RetTime= 0 
##$RunDId= 0 
##$RunId= 0 
##$SF= 0 
##$SFO1= 0 
##$SPType= 0 
##$SW= 0 
##$SW_p= 100 
##$SampId= 0 
##$Sens1= 100 
##$Sens2= 0 
##$Skim1= 20 
##$SumShot= 0 
##$Sync= 1 
##$TD= 42154 
##$TIB= 5 
##$TLft= 0 
##$TLftCor= 0 
##$TLift= 0 
##$TPLMS= 0 
##$TargId= 0 
##$TgCount= 35 
##$Trans= 100 
##$Trap= 45 
##$UDeflL= 0 
##$UGrid= 0 
##$UIS2BND= no 
##$ULensR= 0 
##$UPAcc= 0 
##$URepel= 9000 
##$Udefl= 0 
##$UdetL= 2.919 
##$UdetR= 1.883 
##$Uhim= 0 
##$Uhimass= 0 
##$Uis1= 19.5 
##$Uis2= 18.200001 
##$Ulens= 7.5 
##$Uref_is= 0 
##$Urefl= 0 
##$XLens= -50 
##$YMAX_a= 180636 
##$YMIN_a= 3037 
##$ACQMETH= <D:\Data\Chase Clark\Methods\Biotyping\MBT_FC.par> 
##$AQ_DATE= <2016-11-02T13:04:21.093-05:00> 
##$AUNM= <> 
##$AXMeth= <IDBac_Protein_AutoX> 
##$CALME= (0..15) 
0 0 0 0 0 0 0 0 
0 0 0 0 0 0 0 0 
##$CALMR= (0..15) 
0 0 0 0 0 0 0 0 
0 0 0 0 0 0 0 0 
##$CALNAM1= <> 
##$CALNAM2= <> 
##$CALNAM3= <> 
##$CALNAM4= <> 
##$CALNAM5= <> 
##$CALNAM6= <> 
##$CALNAM7= <> 
##$CHIPNO= <0> 
##$CMT1= <> 
##$CMT2= <> 
##$CMT3= <> 
##$CMT4= <> 
##$CalStar= <<?xml version="1.0" encoding="ISO-8859-1"?><cs version="1.0"><ca>ReferenceMassAssignement</ca><cm>Cubic Enhanced</cm><cd>2016-10-20T16:10:29.000+00:00</cd><cr>OK</cr><pn>flexControl</pn><pv>3.4.135.0</pv><un>BDAL@DE</un><rsid>20A683C2-BB0E-4E02-8C04-4F09932B1A3B</rsid><mcl>MBT_Standard</mcl><cocp>8</cocp><devb>313.31476</devb><deca>52.276696</deca><acs><ac><rv>44786.737</rv><mb>4365.9624</mb><ma>4365.0997</ma><cm>4365.3</cm><cn>RL36 [M+H]+</cn><me>45.887785</me><tol>0</tol></ac><ac><rv>48348.796</rv><mb>5098.5475</mb><ma>5097.2184</ma><cm>5096.8</cm><cn>RS32 [M+H]+</cn><me>82.082334</me><tol>0</tol></ac><ac><rv>49661.102</rv><mb>5382.9286</mb><ma>5381.5519</ma><cm>5381.4</cm><cn>RS34 [M+H]+</cn><me>28.230636</me><tol>0</tol></ac><ac><rv>53485.945</rv><mb>6256.4537</mb><ma>6255.0967</ma><cm>6255.4</cm><cn>RS33meth [M+H]+</cn><me>48.493581</me><tol>0</tol></ac><ac><rv>57619.743</rv><mb>7275.4829</mb><ma>7274.1293</ma><cm>7274.5</cm><cn>RL29 [M+H]+</cn><me>50.964732</me><tol>0</tol></ac><ac><rv>68415.33900000001</rv><mb>10303.063</mb><ma>10300.708</ma><cm>10300.1</cm><cn>RS19 [M+H]+</cn><me>59.076909</me><tol>0</tol></ac><ac><rv>78732.87699999999</rv><mb>13684.011</mb><ma>13682.769</ma><cm>13683.2</cm><cn>RNAse A [M+H]+</cn><me>31.534569</me><tol>0</tol></ac><ac><rv>87563.85799999999</rv><mb>16942.518</mb><ma>16952.427</ma><cm>16952.3</cm><cn>Myoglobin [M+H]+</cn><me>7.5007903</me><tol>0</tol></ac></acs></cs>> 
##$D= (0..31) 
0 0 0 0 0 0 0 0 
0 0 0 0 0 0 0 0 
0 0 0 0 0 0 0 0 
0 0 0 0 0 0 0 0 
##$DOMNAME= <> 
##$FAMeth= <> 
##$FASTCal= <> 
##$FCVer= <flexControl 3.4.135.0> 
##$GEOFILE= <> 
##$Gelcode= <> 
##$HPCStr= <> 
##$HPCal= (0..31) 
0 0 0 0 0 0 0 0 
0 0 0 0 0 0 0 0 
0 0 0 0 0 0 0 0 
0 0 0 0 0 0 0 0 
##$ID_raw= <fc69588c-d4fa-4a12-b36b-52fb9e3f70ee> 
##$IN= (0..31) 
0.001 0.001 0.001 0.001 0.001 0.001 0.001 0.001 
0.001 0.001 0.001 0.001 0.001 0.001 0.001 0.001 
0.001 0.001 0.001 0.001 0.001 0.001 0.001 0.001 
0.001 0.001 0.001 0.001 0.001 0.001 0.001 0.001 
##$INSTRUM= <ATS-00621> 
##$InstrID= <8264320.00621> 
##$LIFTC= (0..2) 
0 0 0 
##$MOTPOS= <(-81295.0,-13770.0)> 
##$Mctrlst= <> 
##$NTBCal= <V3.0CCalibrator 12 1 0 0 -2147483648 2147483647  V1.0CHPCData  Order 0 vCoeff V1.0VectorDouble 0  c2 0 c0 0 minMass 0 maxMass 0 bUse 0 endCHPCData V1.0CTOF2CalibrationConstants 29793.599999999999 1.5999999999999999 1372.9768637426532 2233954.0519553837 -0.099339305113792992 0.00045819422940673567 -96.98946919696985 2 V1.0CTOF2CalibrationConstants 29793.599999999999 1.5999999999999999 1372.9768637426532 2233954.0519553837 -0.099339305113792992 0.00045819422940673567 -96.98946919696985 2  > 
##$NTBCalr= <V3.0CCalibrator 12 1 0 0 -2147483648 2147483647  V1.0CHPCData  Order 0 vCoeff V1.0VectorDouble 0  c2 0 c0 0 minMass 0 maxMass 0 bUse 0 endCHPCData V1.0CTOF2CalibrationConstants 29793.599999999999 1.5999999999999999 1372.9768637426532 2233954.0519553837 -0.099339305113792992 0.00045819422940673567 -96.98946919696985 2 V1.0CTOF2CalibrationConstants 29793.599999999999 1.5999999999999999 1372.9768637426532 2233954.0519553837 -0.099339305113792992 0.00045819422940673567 -96.98946919696985 2  > 
##$OS9PATH= <> 
##$OpId= <BDAL@DE> 
##$P= (0..31) 
0 0 0 0 0 0 0 0 
0 0 0 0 0 0 0 0 
0 0 0 0 0 0 0 0 
0 0 0 0 0 0 0 0 
##$PARNM= <> 
##$PATCHNO= <C7> 
##$PATH= <D:\Data\Sofia\11-02-2016\proteins\0_C7\1\1SLin> 
##$PDELAY= (0..3) 
10 10 10 10 
##$PDURA= (0..3) 
10 10 10 10 
##$PEPURL= <> 
##$PLMSC= (0..2) 
0 0 0 
##$PULPROG= <> 
##$PostPr= <> 
##$QS= (0..7) 
83 83 83 83 83 83 83 83 
##$RUNNM= <> 
##$SMOPTS= (0..15) 
0 0 0 0 0 0 0 0 
0 0 0 0 0 0 0 0 
##$SPOTNO= <C7> 
##$TgIDS= <T_0219793_0010745_35> 
##$TgSer= <0010745> 
##$TgTyp= <0219793> 
##$VDLIST= <DDDDDDDDDDDDDDD> 
##$VOLTNM= <> 
##$WEND= (0..3) 
30000 30000 30000 30000 
##$WINY= (0..3) 
3 3 3 3 
##$WSTART= (0..3) 
0 0 0 0 
##$Warplc1= <> 
##$Warplc2= <> 
##$XACQVS= <3.0> 
##$Xml1= <> 
##END=

